GEM
  specs:
    bigdecimal (3.1.9)
    csv (3.2.5)
    httparty (0.23.1)
      csv
      mini_mime (>= 1.0.0)
      multi_xml (>= 0.5.2)
    mini_mime (1.1.5)
    multi_xml (0.7.1)
      bigdecimal (~> 3.1)
    nokogiri (1.18.8-arm64-darwin)
      racc (~> 1.4)
    racc (1.8.1)

PLATFORMS
  arm64-darwin-24

DEPENDENCIES
  httparty
  nokogiri

BUNDLED WITH
   2.3.26
