GEM
  remote: https://rubygems.org/
  specs:
    bigdecimal (3.1.9)
    cgi (0.4.2)
    csv (3.2.5)
    date (3.4.1)
    debug (1.10.0)
      irb (~> 1.10)
      reline (>= 0.3.8)
    erb (4.0.4)
      cgi (>= 0.3.3)
    httparty (0.23.1)
      csv
      mini_mime (>= 1.0.0)
      multi_xml (>= 0.5.2)
    io-console (0.8.0)
    irb (1.15.2)
      pp (>= 0.6.0)
      rdoc (>= 4.0.0)
      reline (>= 0.4.2)
    json (2.12.0)
    mini_mime (1.1.5)
    minitest (5.25.5)
    mocha (2.7.1)
      ruby2_keywords (>= 0.0.5)
    multi_xml (0.7.1)
      bigdecimal (~> 3.1)
    nokogiri (1.18.8-arm64-darwin)
      racc (~> 1.4)
    pp (0.6.2)
      prettyprint
    prettyprint (0.2.0)
    psych (5.2.6)
      date
      stringio
    racc (1.8.1)
    rdoc (6.14.0)
      erb
      psych (>= 4.0.0)
    reline (0.6.1)
      io-console (~> 0.5)
    ruby2_keywords (0.0.5)
    stringio (3.1.7)

PLATFORMS
  arm64-darwin-24

DEPENDENCIES
  debug
  httparty
  json
  minitest
  mocha
  nokogiri

BUNDLED WITH
   2.3.26
